GEM
  remote: https://rubygems.org/
  specs:
    byebug (8.2.2)
    mini_portile2 (2.0.0)
    nokogiri (1.6.7.2)
      mini_portile2 (~> 2.0.0.rc2)
    searchbing (0.2.6)

PLATFORMS
  ruby

DEPENDENCIES
  byebug
  nokogiri
  searchbing

BUNDLED WITH
   1.11.2
